GEM
  remote: https://rubygems.org/
  specs:
    chunky_png (1.2.8)
    compass (0.12.2)
      chunky_png (~> 1.2)
      fssm (>= 0.2.7)
      sass (~> 3.1)
    fssm (0.2.10)
    kramdown (1.8.0)
    sass (3.2.9)

PLATFORMS
  x64-mingw32
  x86-mingw32

DEPENDENCIES
  compass
  kramdown

BUNDLED WITH
   1.10.5
